GEM
  remote: http://rubygems.org/
  specs:
    activesupport (6.0.6.1)
      concurrent-ruby (~> 1.0, >= 1.0.2)
      i18n (>= 0.7, < 2)
      minitest (~> 5.1)
      tzinfo (~> 1.1)
      zeitwerk (~> 2.2, >= 2.2.2)
    concurrent-ruby (1.2.0)
    haml (3.0.24)
    i18n (1.12.0)
      concurrent-ruby (~> 1.0)
    minitest (5.17.0)
    rack (1.2.1)
    rake (0.8.7)
    rdiscount (1.6.5)
    sinatra (1.1.0)
      rack (~> 1.1)
      tilt (~> 1.1)
    thread_safe (0.3.6)
    tilt (1.1)
    tzinfo (1.2.11)
      thread_safe (~> 0.1)
    vegas (0.1.8)
      rack (>= 1.0.0)
    yajl-ruby (0.7.8)
    zeitwerk (2.6.6)

PLATFORMS
  ruby

DEPENDENCIES
  activesupport (= 6.0.6.1)
  haml (= 3.0.24)
  rake
  rdiscount
  sinatra
  vegas
  yajl-ruby
